GEM
  specs:
    glu (8.2.2)
    glut (8.2.2)
    opengl (0.9.2)

PLATFORMS
  ruby

DEPENDENCIES
  glu
  glut
  opengl

BUNDLED WITH
   1.11.2
